GEM
  remote: https://rubygems.org/
  specs:
    aws-sdk (1.15.0)
      json (~> 1.4)
      nokogiri (< 1.6.0)
      uuidtools (~> 2.1)
    json (1.8.0-java)
    nokogiri (1.5.10-java)
    uuidtools (2.1.4)

PLATFORMS
  java

DEPENDENCIES
  aws-sdk (~> 1.15.0)
